NUGET
  remote: https://www.nuget.org/api/v2
    mveith.OAuth (1.0)
